GEM
  remote: https://rubygems.org/
  specs:
    bourbon (3.1.8)
      sass (>= 3.2.0)
      thor
    dotenv (0.9.0)
    foreman (0.63.0)
      dotenv (>= 0.7)
      thor (>= 0.13.6)
    rb-fsevent (0.9.4)
    sass (3.2.14)
    thor (0.18.1)

PLATFORMS
  ruby

DEPENDENCIES
  bourbon
  foreman
  rb-fsevent
  sass
